GEM
  remote: https://rubygems.org/
  specs:
    bubble-wrap (1.1.5)
    rake (10.0.4)

PLATFORMS
  ruby

DEPENDENCIES
  bubble-wrap
  rake
